GEM
  remote: https://rubygems.org/
  specs:
    nap (0.8.0)
    terminal-table (1.4.5)

PLATFORMS
  ruby

DEPENDENCIES
  nap
  terminal-table
